GEM
  remote: https://rubygems.org/
  specs:
    thor (1.2.2)

PLATFORMS
  arm64-darwin-22

DEPENDENCIES
  thor (~> 1.2)

BUNDLED WITH
   2.4.19
